PATH
  remote: .
  specs:
    citrus-mail (0.2.1)

GEM
  remote: https://rubygems.org/
  specs:
    activesupport (6.0.0)
      concurrent-ruby (~> 1.0, >= 1.0.2)
      i18n (>= 0.7, < 2)
      minitest (~> 5.1)
      tzinfo (~> 1.1)
      zeitwerk (~> 2.1, >= 2.1.8)
    bourne (1.1.2)
      mocha (= 0.10.5)
    concurrent-ruby (1.1.5)
    git (1.2.5)
    i18n (1.7.0)
      concurrent-ruby (~> 1.0)
    jeweler (1.8.4)
      bundler (~> 1.0)
      git (>= 1.2.5)
      rake
      rdoc
    json (1.7.6)
    metaclass (0.0.4)
    minitest (5.13.0)
    mocha (0.10.5)
      metaclass (~> 0.0.1)
    rake (10.0.3)
    rdoc (3.12)
      json (~> 1.4)
    shoulda (3.3.2)
      shoulda-context (~> 1.0.1)
      shoulda-matchers (~> 1.4.1)
    shoulda-context (1.0.2)
    shoulda-matchers (1.4.2)
      activesupport (>= 3.0.0)
      bourne (~> 1.1.2)
    thread_safe (0.3.6)
    tzinfo (1.2.5)
      thread_safe (~> 0.1)
    zeitwerk (2.2.1)

PLATFORMS
  ruby

DEPENDENCIES
  bundler
  citrus-mail!
  jeweler
  shoulda
